GIT
  remote: /home/alehander42/ruby-deduckt
  revision: 6d74a2d572d02ebbb6ac17c5fdc5182905c16d8d
  branch: master
  specs:
    deduckt (0.1.0)
      parser

GEM
  remote: https://rubygems.org/
  specs:
    ast (2.4.0)
    parser (2.6.2.0)
      ast (~> 2.4.0)

PLATFORMS
  ruby

DEPENDENCIES
  deduckt!

BUNDLED WITH
   2.0.1
