GIT
  remote: $HOME/ruby-deduckt
  revision: 2284fcc262a71d35b057228df5d3c84a595acae0
  branch: master
  specs:
    deduckt (0.1.0)
      parser

GEM
  remote: https://rubygems.org/
  specs:
    ast (2.4.0)
    parser (2.6.0.0)
      ast (~> 2.4.0)

PLATFORMS
  ruby

DEPENDENCIES
  deduckt!

BUNDLED WITH
   2.0.1
