GIT
  remote: /home/al/ruby-deduckt
  revision: c972d3762fb523406203b93cf177cfc601013bc9
  branch: master
  specs:
    deduckt (0.1.0)
      parser

GEM
  remote: https://rubygems.org/
  specs:
    ast (2.4.0)
    parser (2.6.3.0)
      ast (~> 2.4.0)

PLATFORMS
  ruby

DEPENDENCIES
  deduckt!

BUNDLED WITH
   1.17.2
