GIT
  remote: $HOME/ruby-deduckt
  revision: 8ea8c95baced41b56f2b91d6b5f9fe0e767446b0
  branch: master
  specs:
    deduckt (0.1.0)
      parser

GEM
  remote: https://rubygems.org/
  specs:
    ast (2.4.0)
    parser (2.6.2.0)
      ast (~> 2.4.0)

PLATFORMS
  ruby

DEPENDENCIES
  deduckt!

BUNDLED WITH
   2.0.1
