GIT
  remote: /home/alehander42/ruby-deduckt
  revision: e9aff55be4974ff6c8978d5adaa727c0d1b01ae1
  branch: master
  specs:
    deduckt (0.1.0)
      parser

GEM
  remote: https://rubygems.org/
  specs:
    ast (2.4.0)
    parser (2.6.2.0)
      ast (~> 2.4.0)

PLATFORMS
  ruby

DEPENDENCIES
  deduckt!

BUNDLED WITH
   2.0.1
